PATH
  remote: .
  specs:
    graticule (2.4.0)
      activesupport
      i18n
      json
      nokogiri-happymapper (>= 0.5.9)

GEM
  remote: https://rubygems.org/
  specs:
    activesupport (4.0.4)
      i18n (~> 0.6, >= 0.6.9)
      minitest (~> 4.2)
      multi_json (~> 1.3)
      thread_safe (~> 0.1)
      tzinfo (~> 0.3.37)
    i18n (0.6.9)
    json (1.8.1)
    metaclass (0.0.4)
    mini_portile (0.5.3)
    minitest (4.7.5)
    mocha (1.0.0)
      metaclass (~> 0.0.1)
    multi_json (1.9.2)
    nokogiri (1.6.1)
      mini_portile (~> 0.5.0)
    nokogiri-happymapper (0.5.9)
      nokogiri (~> 1.5)
    rake (10.3.0)
    rdoc (4.1.1)
      json (~> 1.4)
    thread_safe (0.3.3)
    tzinfo (0.3.39)

PLATFORMS
  ruby

DEPENDENCIES
  graticule!
  minitest (~> 4.0)
  mocha
  rake
  rdoc
